PATH
  remote: .
  specs:
    argot (0.0.8-java)
      jar-dependencies (~> 0.3, >= 0.3.9)
      lisbn (~> 0.2)
      nokogiri (~> 1.6, >= 1.6.8)
      rsolr (~> 1.1, >= 1.1.2)
      rubyzip (~> 1.2)
      thor (~> 0.19.4)
      traject (~> 2.0)

GEM
  remote: https://rubygems.org/
  specs:
    builder (3.2.3)
    concurrent-ruby (1.0.4-java)
    dot-properties (0.1.3)
    hashie (3.4.6)
    httpclient (2.8.3)
    jar-dependencies (0.3.9)
    lisbn (0.2.2)
      nokogiri
      nori (~> 2.0)
    marc (1.0.0)
      scrub_rb (>= 1.0.1, < 2)
      unf
    marc-fastxmlwriter (1.0.0)
      marc (~> 1.0)
    marc-marc4j (1.0.0-java)
      marc (~> 1)
    minitest (5.4.1)
    nokogiri (1.7.0.1-java)
    nori (2.6.0)
    rsolr (1.1.2)
      builder (>= 2.1.2)
    rubyzip (1.2.0)
    scrub_rb (1.0.1)
    slop (3.6.0)
    thor (0.19.4)
    traject (2.3.2-java)
      concurrent-ruby (>= 0.8.0)
      dot-properties (>= 0.1.1)
      hashie (~> 3.1)
      httpclient (~> 2.5)
      marc (~> 1.0)
      marc-fastxmlwriter (~> 1.0)
      slop (>= 3.4.5, < 4.0)
      traject-marc4j_reader (~> 1.0)
      yell
    traject-marc4j_reader (1.0.2-java)
      marc (~> 1.0)
      marc-marc4j (~> 1.0)
    unf (0.1.4-java)
    yell (2.0.7)

PLATFORMS
  java

DEPENDENCIES
  argot!
  minitest (~> 5.0)

BUNDLED WITH
   1.13.7
